GIT
  remote: git://github.com/arunagw/omniauth-twitter.git
  revision: 343120bf99b5dbe0515f651e82ba128609ce1a13
  specs:
    omniauth-twitter (1.2.1)
      json (~> 1.3)
      omniauth-oauth (~> 1.1)

GIT
  remote: git://github.com/tonystubblebine/big_library.git
  revision: a9eb3e6b326e62dcb77ea1a1cf5a9b34ae9d8db3
  specs:
    big_library (0.0.4)

GEM
  remote: http://rubygems.org/
  specs:
    actioncable (5.0.1)
      actionpack (= 5.0.1)
      nio4r (~> 1.2)
      websocket-driver (~> 0.6.1)
    actionmailer (5.0.1)
      actionpack (= 5.0.1)
      actionview (= 5.0.1)
      activejob (= 5.0.1)
      mail (~> 2.5, >= 2.5.4)
      rails-dom-testing (~> 2.0)
    actionpack (5.0.1)
      actionview (= 5.0.1)
      activesupport (= 5.0.1)
      rack (~> 2.0)
      rack-test (~> 0.6.3)
      rails-dom-testing (~> 2.0)
      rails-html-sanitizer (~> 1.0, >= 1.0.2)
    actionview (5.0.1)
      activesupport (= 5.0.1)
      builder (~> 3.1)
      erubis (~> 2.7.0)
      rails-dom-testing (~> 2.0)
      rails-html-sanitizer (~> 1.0, >= 1.0.2)
    activejob (5.0.1)
      activesupport (= 5.0.1)
      globalid (>= 0.3.6)
    activemodel (5.0.1)
      activesupport (= 5.0.1)
    activerecord (5.0.1)
      activemodel (= 5.0.1)
      activesupport (= 5.0.1)
      arel (~> 7.0)
    activesupport (5.0.1)
      concurrent-ruby (~> 1.0, >= 1.0.2)
      i18n (~> 0.7)
      minitest (~> 5.1)
      tzinfo (~> 1.1)
    addressable (2.5.0)
      public_suffix (~> 2.0, >= 2.0.2)
    arel (7.1.4)
    bcrypt (3.1.11)
    builder (3.2.2)
    concurrent-ruby (1.0.3)
    descendants_tracker (0.0.4)
      thread_safe (~> 0.3, >= 0.3.1)
    erubis (2.7.0)
    faraday (0.9.2)
      multipart-post (>= 1.2, < 3)
    git (1.3.0)
    github_api (0.11.3)
      addressable (~> 2.3)
      descendants_tracker (~> 0.0.1)
      faraday (~> 0.8, < 0.10)
      hashie (>= 1.2)
      multi_json (>= 1.7.5, < 2.0)
      nokogiri (~> 1.6.0)
      oauth2
    globalid (0.3.7)
      activesupport (>= 4.1.0)
    hashie (3.4.6)
    highline (1.7.8)
    i18n (0.7.0)
    jeweler (2.3.0)
      builder
      bundler (>= 1.0)
      git (>= 1.2.5)
      github_api (~> 0.11.0)
      highline (>= 1.6.15)
      nokogiri (>= 1.5.10)
      psych (~> 2.2)
      rake
      rdoc
      semver
    json (1.8.3)
    jwt (1.5.6)
    loofah (2.0.3)
      nokogiri (>= 1.5.9)
    mail (2.6.4)
      mime-types (>= 1.16, < 4)
    method_source (0.8.2)
    mime-types (3.1)
      mime-types-data (~> 3.2015)
    mime-types-data (3.2016.0521)
    mini_portile2 (2.1.0)
    minitest (5.10.1)
    multi_json (1.12.1)
    multi_xml (0.6.0)
    multipart-post (2.0.0)
    nio4r (1.2.1)
    nokogiri (1.6.8.1)
      mini_portile2 (~> 2.1.0)
    oauth (0.5.1)
    oauth2 (1.2.0)
      faraday (>= 0.8, < 0.10)
      jwt (~> 1.0)
      multi_json (~> 1.3)
      multi_xml (~> 0.5)
      rack (>= 1.2, < 3)
    omniauth (1.3.1)
      hashie (>= 1.2, < 4)
      rack (>= 1.0, < 3)
    omniauth-facebook (4.0.0)
      omniauth-oauth2 (~> 1.2)
    omniauth-oauth (1.1.0)
      oauth
      omniauth (~> 1.0)
    omniauth-oauth2 (1.4.0)
      oauth2 (~> 1.0)
      omniauth (~> 1.2)
    psych (2.2.2)
    public_suffix (2.0.4)
    rack (2.0.1)
    rack-test (0.6.3)
      rack (>= 1.0)
    rails (5.0.1)
      actioncable (= 5.0.1)
      actionmailer (= 5.0.1)
      actionpack (= 5.0.1)
      actionview (= 5.0.1)
      activejob (= 5.0.1)
      activemodel (= 5.0.1)
      activerecord (= 5.0.1)
      activesupport (= 5.0.1)
      bundler (>= 1.3.0, < 2.0)
      railties (= 5.0.1)
      sprockets-rails (>= 2.0.0)
    rails-dom-testing (2.0.1)
      activesupport (>= 4.2.0, < 6.0)
      nokogiri (~> 1.6.0)
    rails-html-sanitizer (1.0.3)
      loofah (~> 2.0)
    railties (5.0.1)
      actionpack (= 5.0.1)
      activesupport (= 5.0.1)
      method_source
      rake (>= 0.8.7)
      thor (>= 0.18.1, < 2.0)
    rake (12.0.0)
    rdoc (5.0.0)
    semver (1.0.1)
    sprockets (3.7.1)
      concurrent-ruby (~> 1.0)
      rack (> 1, < 3)
    sprockets-rails (3.2.0)
      actionpack (>= 4.0)
      activesupport (>= 4.0)
      sprockets (>= 3.0.0)
    thor (0.19.4)
    thread_safe (0.3.5)
    tzinfo (1.2.2)
      thread_safe (~> 0.1)
    websocket-driver (0.6.4)
      websocket-extensions (>= 0.1.0)
    websocket-extensions (0.1.2)
    will_paginate (3.1.5)

PLATFORMS
  ruby

DEPENDENCIES
  bcrypt
  big_library (>= 0.0.2)!
  jeweler
  json (= 1.8.3)
  omniauth-facebook
  omniauth-twitter!
  rails (> 4.0.0)
  will_paginate

BUNDLED WITH
   1.13.6
